GIT
  remote: https://github.com/celluloid/celluloid-dns
  revision: 7b0e983a18098fa7b4b2aeff3d4a1f12407cedff
  tag: v0.17.0
  specs:
    celluloid-dns (0.17.0)
      celluloid (~> 0.17.1)
      celluloid-io (~> 0.17.0)
      timers (~> 4.0.1)

GEM
  remote: https://rubygems.org/
  specs:
    celluloid (0.17.1.1)
      bundler
      celluloid-essentials
      celluloid-extras
      celluloid-fsm
      celluloid-pool
      celluloid-supervision
      dotenv
      nenv
      rspec-logsplit (>= 0.1.2)
      timers (~> 4.0.0)
    celluloid-essentials (0.20.2)
      bundler
      dotenv
      nenv
      rspec-logsplit (>= 0.1.2)
      timers (~> 4.0.0)
    celluloid-extras (0.20.0)
      bundler
      dotenv
      nenv
      rspec-logsplit (>= 0.1.2)
      timers (~> 4.0.0)
    celluloid-fsm (0.20.0)
      bundler
      dotenv
      nenv
      rspec-logsplit (>= 0.1.2)
      timers (~> 4.0.0)
    celluloid-io (0.17.0)
      bundler
      celluloid (~> 0.17)
      dotenv
      nenv
      nio4r (>= 1.1)
      rspec-logsplit (>= 0.1.2)
      timers (~> 4.0.0)
    celluloid-pool (0.20.0)
      bundler
      dotenv
      nenv
      rspec-logsplit (>= 0.1.2)
      timers (~> 4.0.0)
    celluloid-supervision (0.20.1)
      bundler
      dotenv
      nenv
      rspec-logsplit (>= 0.1.2)
      timers (~> 4.0.0)
    dotenv (2.0.2)
    hitimes (1.2.3)
    nenv (0.2.0)
    nio4r (1.1.1)
    rspec-logsplit (0.1.3)
    timers (4.0.4)
      hitimes

PLATFORMS
  ruby

DEPENDENCIES
  celluloid
  celluloid-dns!
  celluloid-io

BUNDLED WITH
   1.10.6
